PATH
  remote: .
  specs:
    bricolage (5.9.0)
      aws-sdk (< 2)
      mysql2
      pg
      td

GEM
  remote: https://rubygems.org/
  specs:
    aws-sdk (1.64.0)
      aws-sdk-v1 (= 1.64.0)
    aws-sdk-v1 (1.64.0)
      json (~> 1.4)
      nokogiri (>= 1.4.4)
    coderay (1.1.0)
    fluent-logger (0.4.10)
      msgpack (>= 0.4.4, < 0.6.0, != 0.5.3, != 0.5.2, != 0.5.1, != 0.5.0)
      yajl-ruby (~> 1.0)
    hirb (0.7.3)
    httpclient (2.5.3.3)
    json (1.8.2)
    method_source (0.8.2)
    mini_portile (0.6.2)
    msgpack (0.5.12)
    mysql2 (0.3.18)
    nokogiri (1.6.6.2)
      mini_portile (~> 0.6.0)
    parallel (0.6.5)
    pg (0.18.2)
    power_assert (0.2.2)
    pry (0.10.1)
      coderay (~> 1.1.0)
      method_source (~> 0.8.1)
      slop (~> 3.4)
    rubyzip (0.9.9)
    slop (3.6.0)
    td (0.11.10)
      hirb (>= 0.4.5)
      msgpack (>= 0.4.4, < 0.6.0, != 0.5.3, != 0.5.2, != 0.5.1, != 0.5.0)
      parallel (~> 0.6.1)
      rubyzip (~> 0.9.9)
      td-client (~> 0.8.70)
      td-logger (~> 0.3.21)
      yajl-ruby (~> 1.1)
    td-client (0.8.70)
      httpclient (>= 2.4.0, < 2.6.0)
      json (>= 1.7.6)
      msgpack (>= 0.4.4, < 0.6.0, != 0.5.3, != 0.5.2, != 0.5.1, != 0.5.0)
    td-logger (0.3.24)
      fluent-logger (~> 0.4.9)
      msgpack (>= 0.4.4, < 0.6.0, != 0.5.3, != 0.5.2, != 0.5.1, != 0.5.0)
      td-client (~> 0.8.66)
    test-unit (3.0.9)
      power_assert
    yajl-ruby (1.2.1)

PLATFORMS
  ruby

DEPENDENCIES
  bricolage!
  pry
  test-unit
