PATH
  remote: ../..
  specs:
    bricolage (5.12.5)
      aws-sdk (~> 2)
      mysql2
      pg
      td

GEM
  remote: https://rubygems.org/
  specs:
    aws-sdk (2.2.6)
      aws-sdk-resources (= 2.2.6)
    aws-sdk-core (2.2.6)
      jmespath (~> 1.0)
    aws-sdk-resources (2.2.6)
      aws-sdk-core (= 2.2.6)
    fluent-logger (0.4.10)
      msgpack (>= 0.4.4, < 0.6.0, != 0.5.3, != 0.5.2, != 0.5.1, != 0.5.0)
      yajl-ruby (~> 1.0)
    hirb (0.7.3)
    httpclient (2.5.3.3)
    jmespath (1.1.3)
    json (1.8.3)
    msgpack (0.5.11)
    mysql2 (0.4.2)
    parallel (0.6.5)
    pg (0.18.4)
    ruby-progressbar (1.7.5)
    rubyzip (1.1.7)
    td (0.13.0)
      hirb (>= 0.4.5)
      msgpack (>= 0.4.4, < 0.5.12, != 0.5.3, != 0.5.2, != 0.5.1, != 0.5.0)
      parallel (~> 0.6.1)
      ruby-progressbar (~> 1.7.5)
      rubyzip (~> 1.1.7)
      td-client (~> 0.8.76)
      td-logger (~> 0.3.21)
      yajl-ruby (~> 1.1)
      zip-zip (~> 0.3)
    td-client (0.8.76)
      httpclient (>= 2.5.2, < 2.6.0)
      json (>= 1.7.6)
      msgpack (>= 0.4.4, < 0.6.0, != 0.5.3, != 0.5.2, != 0.5.1, != 0.5.0)
    td-logger (0.3.24)
      fluent-logger (~> 0.4.9)
      msgpack (>= 0.4.4, < 0.6.0, != 0.5.3, != 0.5.2, != 0.5.1, != 0.5.0)
      td-client (~> 0.8.66)
    yajl-ruby (1.2.1)
    zip-zip (0.3)
      rubyzip (>= 1.0.0)

PLATFORMS
  ruby

DEPENDENCIES
  bricolage!

BUNDLED WITH
   1.10.6
