PATH
  remote: ../..
  specs:
    bricolage (5.23.1)
      aws-sdk (~> 2)
      mysql2
      pg (~> 0.18.0)
      redis (>= 3.0.0)

GEM
  remote: https://rubygems.org/
  specs:
    aws-sdk (2.7.5)
      aws-sdk-resources (= 2.7.5)
    aws-sdk-core (2.7.5)
      aws-sigv4 (~> 1.0)
      jmespath (~> 1.0)
    aws-sdk-resources (2.7.5)
      aws-sdk-core (= 2.7.5)
    aws-sigv4 (1.0.0)
    coderay (1.1.1)
    jmespath (1.3.1)
    method_source (0.8.2)
    mysql2 (0.4.5)
    pg (0.18.4)
    pry (0.10.4)
      coderay (~> 1.1.0)
      method_source (~> 0.8.1)
      slop (~> 3.4)
    redis (3.3.3)
    slop (3.6.0)

PLATFORMS
  ruby

DEPENDENCIES
  bricolage!
  pry

BUNDLED WITH
   1.14.3
